GEM
  remote: https://rubygems.org/
  specs:
    ast (2.4.3)
    json (2.13.0)
    language_server-protocol (3.17.0.5)
    parallel (1.27.0)
    parser (3.2.2.4)
      ast (~> 2.4.1)
      racc
    prism (0.19.0)
    racc (1.8.1)
    rainbow (3.1.1)
    regexp_parser (2.10.0)
    rexml (3.4.1)
    rubocop (1.57.2)
      json (~> 2.3)
      language_server-protocol (>= 3.17.0)
      parallel (~> 1.10)
      parser (>= 3.2.2.4)
      rainbow (>= 2.2.2, < 4.0)
      regexp_parser (>= 1.8, < 3.0)
      rexml (>= 3.2.5, < 4.0)
      rubocop-ast (>= 1.28.1, < 2.0)
      ruby-progressbar (~> 1.7)
      unicode-display_width (>= 2.4.0, < 3.0)
    rubocop-ast (1.30.0)
      parser (>= 3.2.1.0)
    rubocop-packaging (0.5.2)
      rubocop (>= 1.33, < 2.0)
    rubocop-performance (1.19.1)
      rubocop (>= 1.7.0, < 2.0)
      rubocop-ast (>= 0.4.0)
    rubocop-rspec (3.0.0)
      rubocop (~> 1.40)
    rubocop-shopify (2.15.1)
      rubocop (~> 1.51)
    ruby-lsp (0.13.4)
      language_server-protocol (~> 3.17.0)
      prism (>= 0.19.0, < 0.20)
      sorbet-runtime (>= 0.5.10782)
    ruby-progressbar (1.13.0)
    sorbet-runtime (0.5.12356)
    unicode-display_width (2.6.0)

PLATFORMS
  arm64-darwin-23
  ruby

DEPENDENCIES
  parser (~> 3.2.2.3)
  rubocop (~> 1.57.2)
  rubocop-packaging
  rubocop-performance (~> 1.19.1)
  rubocop-rspec
  rubocop-shopify
  ruby-lsp (~> 0.13.2)

RUBY VERSION
   ruby 3.3.0p0

BUNDLED WITH
   2.5.3
